PATH
  remote: .
  specs:
    fdis2 (0.1.53)
      nokogiri (= 1.14.5)

GEM
  remote: https://rubygems.org/
  specs:
    minitest (5.16.3)
    nokogiri (1.14.5-arm64-darwin)
      racc (~> 1.4)
    racc (1.8.0)
    rake (13.0.6)

PLATFORMS
  arm64-darwin-23
  x86_64-linux

DEPENDENCIES
  bundler (~> 2.3.24)
  fdis2!
  minitest (~> 5.16.3)
  rake (~> 13.0.6)

BUNDLED WITH
   2.3.24
